PATH
  remote: .
  specs:
    interactive_brokers_2_tasty_works (0.3.0)
      activesupport
      xmlhasher

GEM
  remote: https://rubygems.org/
  specs:
    activesupport (5.2.2)
      concurrent-ruby (~> 1.0, >= 1.0.2)
      i18n (>= 0.7, < 2)
      minitest (~> 5.1)
      tzinfo (~> 1.1)
    byebug (10.0.2)
    concurrent-ruby (1.1.4)
    diff-lcs (1.3)
    escape_utils (1.2.1)
    i18n (1.3.0)
      concurrent-ruby (~> 1.0)
    minitest (5.11.3)
    ox (2.10.0)
    rake (10.5.0)
    rspec (3.7.0)
      rspec-core (~> 3.7.0)
      rspec-expectations (~> 3.7.0)
      rspec-mocks (~> 3.7.0)
    rspec-core (3.7.1)
      rspec-support (~> 3.7.0)
    rspec-expectations (3.7.0)
      diff-lcs (>= 1.2.0, < 2.0)
      rspec-support (~> 3.7.0)
    rspec-mocks (3.7.0)
      diff-lcs (>= 1.2.0, < 2.0)
      rspec-support (~> 3.7.0)
    rspec-support (3.7.1)
    thread_safe (0.3.6)
    tzinfo (1.2.5)
      thread_safe (~> 0.1)
    xmlhasher (1.0.4)
      escape_utils (~> 1.2)
      ox (~> 2.10.0)

PLATFORMS
  ruby

DEPENDENCIES
  bundler (~> 1.16)
  byebug
  interactive_brokers_2_tasty_works!
  rake (~> 10.0)
  rspec (~> 3.0)

BUNDLED WITH
   1.17.1
