GIT
  remote: https://github.com/cmer/ib-ruby.git
  revision: d24e8569a1f4218c406ae4904333a42363fc31f8
  specs:
    ib-ruby (0.9.7.2)
      activemodel
      activesupport
      bundler (>= 1.1.16)
      ox

GEM
  remote: https://www.rubygems.org/
  specs:
    activemodel (5.2.1.1)
      activesupport (= 5.2.1.1)
    activesupport (5.2.1.1)
      concurrent-ruby (~> 1.0, >= 1.0.2)
      i18n (>= 0.7, < 2)
      minitest (~> 5.1)
      tzinfo (~> 1.1)
    byebug (10.0.2)
    concurrent-ruby (1.1.3)
    escape_utils (1.2.1)
    i18n (1.1.1)
      concurrent-ruby (~> 1.0)
    minitest (5.11.3)
    ox (2.10.0)
    thread_safe (0.3.6)
    tzinfo (1.2.5)
      thread_safe (~> 0.1)
    xmlhasher (1.0.4)
      escape_utils (~> 1.2)
      ox (~> 2.10.0)

PLATFORMS
  ruby

DEPENDENCIES
  byebug
  ib-ruby!
  xmlhasher

BUNDLED WITH
   1.17.1
